GEM
  remote: https://rubygems.org/
  specs:
    addressable (2.8.1)
      public_suffix (>= 2.0.2, < 6.0)
    byebug (11.1.3)
    connection_pool (2.3.0)
    csv (3.2.5)
    date (3.2.2)
    domain_name (0.5.20190701)
      unf (>= 0.0.5, < 1.0.0)
    faraday (2.7.1)
      faraday-net_http (>= 2.0, < 3.1)
      ruby2_keywords (>= 0.0.4)
    faraday-net_http (3.0.2)
    http-cookie (1.0.5)
      domain_name (~> 0.5)
    json (2.6.2)
    logger (1.5.3)
    mechanize (2.8.5)
      addressable (~> 2.8)
      domain_name (~> 0.5, >= 0.5.20190701)
      http-cookie (~> 1.0, >= 1.0.3)
      mime-types (~> 3.0)
      net-http-digest_auth (~> 1.4, >= 1.4.1)
      net-http-persistent (>= 2.5.2, < 5.0.dev)
      nokogiri (~> 1.11, >= 1.11.2)
      rubyntlm (~> 0.6, >= 0.6.3)
      webrick (~> 1.7)
      webrobots (~> 0.1.2)
    mime-types (3.4.1)
      mime-types-data (~> 3.2015)
    mime-types-data (3.2022.0105)
    net-http-digest_auth (1.4.1)
    net-http-persistent (4.0.1)
      connection_pool (~> 2.2)
    nokogiri (1.13.9-x64-mingw-ucrt)
      racc (~> 1.4)
    open-uri (0.2.0)
      stringio
      time
      uri
    public_suffix (5.0.1)
    racc (1.6.0)
    ruby2_keywords (0.0.5)
    rubyntlm (0.6.3)
    stringio (3.0.2)
    time (0.2.0)
      date
    unf (0.1.4)
      unf_ext
    unf_ext (0.0.8.2-x64-mingw-ucrt)
    uri (0.11.0)
    webrick (1.7.0)
    webrobots (0.1.2)
    yaml (0.2.1)

PLATFORMS
  x64-mingw-ucrt

DEPENDENCIES
  byebug
  csv
  faraday
  json
  logger
  mechanize
  nokogiri
  open-uri
  yaml

RUBY VERSION
   ruby 3.1.2p20

BUNDLED WITH
   2.3.7
